GEM
  remote: https://rubygems.org/
  specs:
    json (2.7.1)

PLATFORMS
  ruby
  x86_64-linux

DEPENDENCIES
  json

BUNDLED WITH
   2.5.3
